GEM
  remote: https://rubygems.org/
  specs:
    backports (3.6.4)
    chronic (0.10.2)
    jsmin (1.0.1)
    json (1.8.3)
    multi_json (1.11.0)
    rack (1.6.1)
    rack-protection (1.5.3)
      rack
    rack-test (0.6.3)
      rack (>= 1.0)
    redis (3.2.1)
    redis-objects (1.2.0)
      redis (>= 3.0.2)
    rufus-scheduler (3.1.2)
    sass (3.4.14)
    sinatra (1.4.6)
      rack (~> 1.4)
      rack-protection (~> 1.4)
      tilt (>= 1.3, < 3)
    sinatra-assetpack (0.3.3)
      jsmin
      rack-test
      sinatra
      tilt (>= 1.3.0, < 2.0)
    sinatra-contrib (1.4.2)
      backports (>= 2.0)
      multi_json
      rack-protection
      rack-test
      sinatra (~> 1.4.0)
      tilt (~> 1.3)
    tilt (1.4.1)
    yajl-ruby (1.2.1)

PLATFORMS
  ruby

DEPENDENCIES
  chronic
  json
  redis-objects
  rufus-scheduler
  sass
  sinatra
  sinatra-assetpack
  sinatra-contrib
  yajl-ruby
