GEM
  remote: https://rubygems.org/
  specs:
    activesupport (4.2.4)
      i18n (~> 0.7)
      json (~> 1.7, >= 1.7.7)
      minitest (~> 5.1)
      thread_safe (~> 0.3, >= 0.3.4)
      tzinfo (~> 1.1)
    backports (3.6.6)
    chronic (0.10.2)
    codeclimate-test-reporter (0.4.8)
      simplecov (>= 0.7.1, < 1.0.0)
    coderay (1.1.0)
    colored (1.2)
    diff-lcs (1.2.5)
    docile (1.1.5)
    em-websocket (0.5.1)
      eventmachine (>= 0.12.9)
      http_parser.rb (~> 0.6.0)
    eventmachine (1.0.8)
    eventmachine (1.0.8-java)
    factory_girl (4.5.0)
      activesupport (>= 3.0.0)
    faraday (0.9.2)
      multipart-post (>= 1.2, < 3)
    faraday_middleware (0.10.0)
      faraday (>= 0.7.4, < 0.10)
    faraday_middleware-multi_json (0.0.6)
      faraday_middleware
      multi_json
    ffi (1.9.10)
    ffi (1.9.10-java)
    formatador (0.2.5)
    guard (2.13.0)
      formatador (>= 0.2.4)
      listen (>= 2.7, <= 4.0)
      lumberjack (~> 1.0)
      nenv (~> 0.1)
      notiffany (~> 0.0)
      pry (>= 0.9.12)
      shellany (~> 0.0)
      thor (>= 0.18.1)
    guard-compat (1.2.1)
    guard-rspec (4.6.4)
      guard (~> 2.1)
      guard-compat (~> 1.1)
      rspec (>= 2.99.0, < 4.0)
    http_parser.rb (0.6.0)
    http_parser.rb (0.6.0-java)
    httparty (0.13.7)
      json (~> 1.8)
      multi_xml (>= 0.5.2)
    httpclient (2.7.1)
    i18n (0.7.0)
    jsmin (1.0.1)
    json (1.8.3)
    json (1.8.3-java)
    listen (3.0.3)
      rb-fsevent (>= 0.9.3)
      rb-inotify (>= 0.9)
    lumberjack (1.0.9)
    method_source (0.8.2)
    minitest (5.8.1)
    multi_json (1.11.2)
    multi_xml (0.5.5)
    multipart-post (2.0.0)
    nenv (0.2.0)
    neo4j-core (6.1.0)
      activesupport
      faraday (~> 0.9.0)
      faraday_middleware (~> 0.10.0)
      faraday_middleware-multi_json
      httparty
      httpclient
      json
      multi_json
      neo4j-rake_tasks (~> 0.3.0)
      net-http-persistent
    neo4j-rake_tasks (0.3.0)
      colored
      httparty
      os
      rake
      rubyzip (~> 1.1.7)
    net-http-persistent (2.9.4)
    notiffany (0.0.8)
      nenv (~> 0.1)
      shellany (~> 0.0)
    os (0.9.6)
    pry (0.10.3)
      coderay (~> 1.1.0)
      method_source (~> 0.8.1)
      slop (~> 3.4)
    pry (0.10.3-java)
      coderay (~> 1.1.0)
      method_source (~> 0.8.1)
      slop (~> 3.4)
      spoon (~> 0.0)
    rack (1.6.4)
    rack-protection (1.5.3)
      rack
    rack-test (0.6.3)
      rack (>= 1.0)
    rake (10.4.2)
    rb-fsevent (0.9.6)
    rb-inotify (0.9.5)
      ffi (>= 0.5.0)
    rspec (3.3.0)
      rspec-core (~> 3.3.0)
      rspec-expectations (~> 3.3.0)
      rspec-mocks (~> 3.3.0)
    rspec-core (3.3.2)
      rspec-support (~> 3.3.0)
    rspec-expectations (3.3.1)
      diff-lcs (>= 1.2.0, < 2.0)
      rspec-support (~> 3.3.0)
    rspec-mocks (3.3.2)
      diff-lcs (>= 1.2.0, < 2.0)
      rspec-support (~> 3.3.0)
    rspec-support (3.3.0)
    rubyzip (1.1.7)
    rugged (0.23.3)
    shellany (0.0.1)
    signal (0.3.0)
    simplecov (0.10.0)
      docile (~> 1.1.0)
      json (~> 1.8)
      simplecov-html (~> 0.10.0)
    simplecov-html (0.10.0)
    sinatra (1.4.6)
      rack (~> 1.4)
      rack-protection (~> 1.4)
      tilt (>= 1.3, < 3)
    sinatra-assetpack (0.3.3)
      jsmin
      rack-test
      sinatra
      tilt (>= 1.3.0, < 2.0)
    sinatra-contrib (1.4.6)
      backports (>= 2.0)
      multi_json
      rack-protection
      rack-test
      sinatra (~> 1.4.0)
      tilt (>= 1.3, < 3)
    sinatra-cross_origin (0.3.2)
    sinatra-partial (0.4.0)
      sinatra
    slop (3.6.0)
    spoon (0.0.4)
      ffi
    thor (0.19.1)
    thread_safe (0.3.5)
    thread_safe (0.3.5-java)
    tilt (1.4.1)
    tzinfo (1.2.2)
      thread_safe (~> 0.1)

PLATFORMS
  java
  ruby

DEPENDENCIES
  chronic
  codeclimate-test-reporter
  em-websocket
  eventmachine
  factory_girl (~> 4.5.0)
  guard (~> 2.1)
  guard-rspec
  json
  neo4j-core
  rspec (~> 3.3)
  rugged
  signal
  sinatra
  sinatra-assetpack
  sinatra-contrib
  sinatra-cross_origin
  sinatra-partial

BUNDLED WITH
   1.11.2
